GEM
  remote: http://rubygems.org/
  specs:
    dotenv (2.8.1)
    eventmachine (1.2.7)
    faye-websocket (0.11.1)
      eventmachine (>= 0.12.0)
      websocket-driver (>= 0.5.1)
    homie-mqtt (1.6.1)
      mqtt-ccutrer (~> 1.0, >= 1.0.1)
      ruby2_keywords (~> 0.0.5)
    mqtt-ccutrer (1.0.2)
    ruby2_keywords (0.0.5)
    websocket-driver (0.7.5)
      websocket-extensions (>= 0.1.0)
    websocket-extensions (0.1.5)

PLATFORMS
  x86_64-darwin-20
  x86_64-linux

DEPENDENCIES
  dotenv
  faye-websocket
  homie-mqtt

RUBY VERSION
   ruby 3.0.2p107

BUNDLED WITH
   2.2.22
